GIT
  remote: https://github.com/portertech/kitchen-docker.git
  revision: 75f66db98a0b817bf972578d4fbe7921cd64ee2a
  ref: 75f66db98a0b817bf972578d4fbe7921cd64ee2a
  specs:
    kitchen-docker (2.3.0)
      test-kitchen (>= 1.0.0)

GEM
  remote: https://rubygems.org/
  specs:
    kitchen-ansiblepush (0.3.10)
      test-kitchen
    kitchen-localhost (0.3.0)
      test-kitchen (~> 1.4)
    kitchen-vagrant (0.19.0)
      test-kitchen (~> 1.4)
    mixlib-install (0.7.1)
    mixlib-shellout (2.2.6)
    net-scp (1.2.1)
      net-ssh (>= 2.6.5)
    net-ssh (2.9.4)
    safe_yaml (1.0.4)
    test-kitchen (1.6.0)
      mixlib-install (~> 0.7)
      mixlib-shellout (>= 1.2, < 3.0)
      net-scp (~> 1.1)
      net-ssh (>= 2.9, < 4.0)
      safe_yaml (~> 1.0)
      thor (~> 0.18)
    thor (0.19.1)

PLATFORMS
  ruby

DEPENDENCIES
  kitchen-ansiblepush
  kitchen-docker!
  kitchen-localhost
  kitchen-vagrant
  net-ssh (~> 2.0)
  test-kitchen

BUNDLED WITH
   1.11.2
